PATH
  remote: ../
  specs:
    logster (0.8.4.8.pre)

GEM
  remote: https://rubygems.org/
  specs:
    puma (2.8.2)
      rack (>= 1.1, < 2.0)
    rack (1.5.2)
    rack-protection (1.5.3)
      rack
    redis (3.0.7)
    sinatra (1.4.5)
      rack (~> 1.4)
      rack-protection (~> 1.4)
      tilt (~> 1.3, >= 1.3.4)
    tilt (1.4.1)

PLATFORMS
  ruby

DEPENDENCIES
  logster!
  puma
  redis
  sinatra

BUNDLED WITH
   1.10.6
